GEM
  remote: https://rubygems.org/
  remote: https://gem.fury.io/engineerai/
  specs:
    aasm (5.5.0)
      concurrent-ruby (~> 1.0)
    account_block (0.0.34)
      bcrypt (= 3.1.16)
      builder_base
      builder_json_web_token (= 0.0.7)
      bx_block_sms
      countries (= 3.0.1)
      phonelib (= 0.6.47)
      wisper (= 2.0.1)
    ace-rails-ap (4.5)
    actioncable (6.0.3.6)
      actionpack (= 6.0.3.6)
      nio4r (~> 2.0)
      websocket-driver (>= 0.6.1)
    actionmailbox (6.0.3.6)
      actionpack (= 6.0.3.6)
      activejob (= 6.0.3.6)
      activerecord (= 6.0.3.6)
      activestorage (= 6.0.3.6)
      activesupport (= 6.0.3.6)
      mail (>= 2.7.1)
    actionmailer (6.0.3.6)
      actionpack (= 6.0.3.6)
      actionview (= 6.0.3.6)
      activejob (= 6.0.3.6)
      mail (~> 2.5, >= 2.5.4)
      rails-dom-testing (~> 2.0)
    actionpack (6.0.3.6)
      actionview (= 6.0.3.6)
      activesupport (= 6.0.3.6)
      rack (~> 2.0, >= 2.0.8)
      rack-test (>= 0.6.3)
      rails-dom-testing (~> 2.0)
      rails-html-sanitizer (~> 1.0, >= 1.2.0)
    actiontext (6.0.3.6)
      actionpack (= 6.0.3.6)
      activerecord (= 6.0.3.6)
      activestorage (= 6.0.3.6)
      activesupport (= 6.0.3.6)
      nokogiri (>= 1.8.5)
    actionview (6.0.3.6)
      activesupport (= 6.0.3.6)
      builder (~> 3.1)
      erubi (~> 1.4)
      rails-dom-testing (~> 2.0)
      rails-html-sanitizer (~> 1.1, >= 1.2.0)
    active_admin_datetimepicker (1.0.0)
      activeadmin (>= 2.0, < 3.a)
    active_admin_role (0.2.2)
      activeadmin (>= 1.2.0)
      cancancan (>= 1.15.0)
      railties (>= 5.0.0)
    active_material (1.5.2)
    active_model_validates_intersection_of (3.0.1)
      activemodel (>= 5.0.0)
    active_storage_base64 (1.1.0)
      rails (~> 6.0)
    active_storage_validations (1.0.4)
      activejob (>= 5.2.0)
      activemodel (>= 5.2.0)
      activestorage (>= 5.2.0)
      activesupport (>= 5.2.0)
    activeadmin (2.12.0)
      arbre (~> 1.2, >= 1.2.1)
      formtastic (>= 3.1, < 5.0)
      formtastic_i18n (~> 0.4)
      inherited_resources (~> 1.7)
      jquery-rails (~> 4.2)
      kaminari (~> 1.0, >= 1.2.1)
      railties (>= 6.0, < 7.1)
      ransack (>= 2.1.1, < 4)
    activeadmin_addons (1.10.1)
      active_material
      railties
      redcarpet
      require_all
      sassc
      sassc-rails
      xdan-datetimepicker-rails (~> 2.5.1)
    activeadmin_froala_editor (1.0.0)
      activeadmin (~> 2.0)
    activeadmin_json_editor (0.0.10)
      ace-rails-ap
      railties (>= 3.0)
    activeadmin_quill_editor (1.1.0)
      activeadmin (>= 2.0, < 4)
    activejob (6.0.3.6)
      activesupport (= 6.0.3.6)
      globalid (>= 0.3.6)
    activemodel (6.0.3.6)
      activesupport (= 6.0.3.6)
    activerecord (6.0.3.6)
      activemodel (= 6.0.3.6)
      activesupport (= 6.0.3.6)
    activestorage (6.0.3.6)
      actionpack (= 6.0.3.6)
      activejob (= 6.0.3.6)
      activerecord (= 6.0.3.6)
      marcel (~> 1.0.0)
    activestorage-validator (0.1.5)
      rails (>= 5.2.0)
    activesupport (6.0.3.6)
      concurrent-ruby (~> 1.0, >= 1.0.2)
      i18n (>= 0.7, < 2)
      minitest (~> 5.1)
      tzinfo (~> 1.1)
      zeitwerk (~> 2.2, >= 2.2.2)
    acts-as-taggable-on (7.0.0)
      activerecord (>= 5.0, < 6.2)
    addressable (2.8.5)
      public_suffix (>= 2.0.2, < 6.0)
    anyway_config (2.5.3)
      ruby-next-core (>= 0.14.0)
    arbre (1.5.0)
      activesupport (>= 3.0.0, < 7.1)
      ruby2_keywords (>= 0.0.2, < 1.0)
    arctic_admin (4.2.6)
      activeadmin (>= 1.1.0, < 4.0)
      font-awesome-sass (~> 6.0)
    aws-eventstream (1.2.0)
    aws-partitions (1.835.0)
    aws-sdk-core (3.185.1)
      aws-eventstream (~> 1, >= 1.0.2)
      aws-partitions (~> 1, >= 1.651.0)
      aws-sigv4 (~> 1.5)
      jmespath (~> 1, >= 1.6.1)
    aws-sdk-kms (1.72.0)
      aws-sdk-core (~> 3, >= 3.184.0)
      aws-sigv4 (~> 1.1)
    aws-sdk-s3 (1.136.0)
      aws-sdk-core (~> 3, >= 3.181.0)
      aws-sdk-kms (~> 1)
      aws-sigv4 (~> 1.6)
    aws-sigv4 (1.6.0)
      aws-eventstream (~> 1, >= 1.0.2)
    base64 (0.1.1)
    bcrypt (3.1.16)
    builder (3.2.4)
    builder_base (0.0.55)
      fast_jsonapi
      jsonapi.rb
      nokogiri (= 1.13.10)
      rails (= 6.0.3.6)
    builder_json_web_token (0.0.7)
      builder_base
      jwt
    bx_block_account_groups (0.0.5)
      builder_base
      bx_block_admin
      bx_block_login-3d0582b5
      bx_block_roles_permissions-c50949d0
      rswag
    bx_block_address-07f1bf4f (0.0.11)
      account_block
      builder_base
      builder_json_web_token
      bx_block_login-3d0582b5
      geocoder
    bx_block_admin (0.0.15)
      builder_base
      devise
    bx_block_appointment_management-eb816fd3 (0.0.7)
      account_block
      builder_base
      builder_json_web_token
      bx_block_login-3d0582b5
      sidekiq (~> 6.1.0)
    bx_block_calendar-4836ef12 (0.0.4)
      account_block
      builder_base
      builder_json_web_token
      bx_block_appointment_management-eb816fd3
      bx_block_login-3d0582b5
      bx_block_roles_permissions-c50949d0
    bx_block_catalogue-0e5da613 (0.0.15)
      account_block
      builder_base
      builder_json_web_token
      bx_block_categories-acd0763f
      bx_block_login-3d0582b5
      rswag
    bx_block_categories-acd0763f (0.0.16)
      account_block
      active_storage_base64 (= 1.1.0)
      builder_base
      builder_json_web_token
      bx_block_login-3d0582b5
      carrierwave
      carrierwave-aws
      kaminari
      rswag
    bx_block_comments-568532a5 (0.1.0)
      builder_base
      bx_block_login-3d0582b5
      bx_block_posts-3dc5b993
      public_activity
      pundit
      yaml_db
    bx_block_contact_us-6e0a750f (0.0.3)
      account_block
      builder_base
      builder_json_web_token
      bx_block_login-3d0582b5
    bx_block_content_management (0.0.3)
      account_block
      acts-as-taggable-on (~> 7.0)
      builder_base
      builder_json_web_token
      bx_block_categories-acd0763f
      bx_block_language_options
      carrierwave (~> 2.0)
      carrierwave-aws
      searchkick
      streamio-ffmpeg
    bx_block_cors (0.0.4)
      builder_base
    bx_block_coupon_cg-1da92412 (0.0.5)
      account_block
      builder_base
      builder_json_web_token
      bx_block_login-3d0582b5
    bx_block_custom_forms (0.1.2)
      account_block
      builder_base
      bx_block_login-3d0582b5
    bx_block_custom_user_subs (0.0.9)
      builder_base
      bx_block_admin
      bx_block_login-3d0582b5
    bx_block_dashboard-9a14cb77 (0.0.3)
      builder_base
    bx_block_dashboard_lite (0.1.0)
      builder_base
      bx_block_login-3d0582b5
    bx_block_deeplinking (0.1.0)
      builder_base
      bx_block_login-3d0582b5
    bx_block_downloadoptions (0.1.0)
      account_block
      builder_base
      builder_json_web_token
      bx_block_roles_permissions-c50949d0
      rswag
    bx_block_email_notifications (0.0.3)
      account_block
      builder_base
      builder_json_web_token
      bx_block_login-3d0582b5
      bx_block_notifications-a22eb801
    bx_block_favourites (0.0.6)
      account_block
      builder_base
      builder_json_web_token
      bx_block_login-3d0582b5
    bx_block_fedex_integration-c7604a00 (0.0.7)
      account_block
      builder_base
      builder_json_web_token
      bx_block_catalogue-0e5da613
      bx_block_login-3d0582b5
      oauth2
    bx_block_forgot_password-4de8968b (0.0.6)
      account_block
      builder_base (> 0.0.30)
      builder_json_web_token
    bx_block_help_centre (0.0.2)
      builder_base
      bx_block_login-3d0582b5
    bx_block_language_options (0.0.6)
      account_block
      builder_base
      builder_json_web_token
      byebug
      globalize (~> 5.3.0)
      roo (~> 2.8.0)
      rubyXL
    bx_block_like (0.0.11)
      account_block
      builder_base
      builder_json_web_token
      bx_block_comments-568532a5
      bx_block_posts-3dc5b993
      bx_block_profile
      bx_block_push_notifications-c0f9e9b7
    bx_block_location-99004202 (0.0.10)
      account_block
      builder_base
      builder_json_web_token
      bx_block_address-07f1bf4f
      bx_block_appointment_management-eb816fd3
      bx_block_login-3d0582b5
      bx_block_roles_permissions-c50949d0
      geocoder
      rswag
    bx_block_login-3d0582b5 (0.0.10)
      account_block
      builder_base (> 0.0.30)
      builder_json_web_token
    bx_block_navmenu-1cdc25a4 (0.0.3)
      builder_base
      builder_json_web_token
    bx_block_notifications-a22eb801 (0.0.10)
      account_block
      builder_base
      builder_json_web_token
      bx_block_login-3d0582b5
    bx_block_order_management-674a3e38 (0.0.35)
      aasm (~> 5.1, >= 5.1.1)
      account_block
      builder_base
      builder_json_web_token
      bx_block_catalogue-0e5da613
      bx_block_coupon_cg-1da92412
      bx_block_fedex_integration-c7604a00
      bx_block_login-3d0582b5
      public_activity
    bx_block_order_reservations (0.1.2)
      account_block
      builder_base
      bx_block_login-3d0582b5
      image_processing
      kaminari
      multi_json
    bx_block_posts-3dc5b993 (0.0.27)
      account_block
      active_storage_validations
      activestorage-validator
      builder_base
      builder_json_web_token
      bx_block_categories-acd0763f
      bx_block_login-3d0582b5
      public_activity
      rswag
    bx_block_privacy_setting (0.1.0)
      account_block
      builder_base
      builder_json_web_token
      rswag
    bx_block_profile (0.0.17)
      account_block
      active_storage_base64
      builder_base
      builder_json_web_token
      bx_block_login-3d0582b5
      rswag
    bx_block_profile_bio (0.1.21)
      account_block
      active_model_validates_intersection_of
      acts-as-taggable-on
      builder_base
      builder_json_web_token
      bx_block_categories-acd0763f
      bx_block_favourites
      bx_block_like
      bx_block_location-99004202
      bx_block_profile
      bx_block_push_notifications-c0f9e9b7
      bx_block_request_management (>= 0.0.15)
      rails (~> 6.0.3, >= 6.0.3.6)
      rswag
    bx_block_profile_lite (0.1.1)
      builder_base
      bx_block_login-3d0582b5
    bx_block_push_notifications-c0f9e9b7 (0.0.15)
      account_block
      builder_base
      bx_block_categories-acd0763f
      byebug
      fcm
    bx_block_request_management (0.0.15)
      account_block
      builder_base
      builder_json_web_token
      bx_block_account_groups
      bx_block_login-3d0582b5
      rswag
    bx_block_roles_permissions-c50949d0 (0.0.10)
      account_block
      builder_base
      rswag
    bx_block_scheduling-d1f08754 (0.0.3)
      builder_base
      bx_block_calendar-4836ef12
    bx_block_settings-5412d427 (0.0.3)
      builder_base
    bx_block_sms (0.0.5)
      builder_base
      twilio-ruby
    bx_block_stripe_integration (0.1.10)
      account_block
      builder_base
      builder_json_web_token
      bx_block_catalogue-0e5da613
      bx_block_login-3d0582b5
      bx_block_order_management-674a3e38
      rails (~> 6.0.3, >= 6.0.3.6)
      rswag
      stripe
    bx_block_teambuilder (0.1.1)
      account_block
      builder_base
      bx_block_login-3d0582b5
    bx_block_terms_and_conditions (0.1.11)
      account_block
      builder_base
      builder_json_web_token
      bx_block_account_groups
      bx_block_login-3d0582b5
      bx_block_roles_permissions-c50949d0
      rails (~> 6.0.3, >= 6.0.3.6)
    byebug (11.1.3)
    cancancan (3.5.0)
    capybara (3.36.0)
      addressable
      matrix
      mini_mime (>= 0.1.3)
      nokogiri (~> 1.8)
      rack (>= 1.6.0)
      rack-test (>= 0.6.3)
      regexp_parser (>= 1.5, < 3.0)
      xpath (~> 3.2)
    carrierwave (2.2.4)
      activemodel (>= 5.0.0)
      activesupport (>= 5.0.0)
      addressable (~> 2.6)
      image_processing (~> 1.1)
      marcel (~> 1.0.0)
      mini_mime (>= 0.1.3)
      ssrf_filter (~> 1.0)
    carrierwave-aws (1.6.0)
      aws-sdk-s3 (~> 1.0)
      carrierwave (>= 2.0, < 4)
    concurrent-ruby (1.2.2)
    connection_pool (2.4.1)
    countries (3.0.1)
      i18n_data (~> 0.10.0)
      sixarm_ruby_unaccent (~> 1.1)
      unicode_utils (~> 1.4)
    country_select (5.1.0)
      countries (~> 3.0)
      sort_alphabetical (~> 1.1)
    crass (1.0.6)
    database_cleaner (2.0.2)
      database_cleaner-active_record (>= 2, < 3)
    database_cleaner-active_record (2.1.0)
      activerecord (>= 5.a)
      database_cleaner-core (~> 2.0.0)
    database_cleaner-core (2.0.1)
    date (2.0.0)
    devise (4.9.3)
      bcrypt (~> 3.0)
      orm_adapter (~> 0.1)
      railties (>= 4.1.0)
      responders
      warden (~> 1.2.3)
    diff-lcs (1.5.0)
    docile (1.4.0)
    dry-initializer (3.0.4)
    erubi (1.12.0)
    et-orbi (1.2.11)
      tzinfo
    factory_bot (6.2.1)
      activesupport (>= 5.0.0)
    factory_bot_rails (6.2.0)
      factory_bot (~> 6.2.0)
      railties (>= 5.0.0)
    faker (2.22.0)
      i18n (>= 1.8.11, < 2)
    faraday (2.7.11)
      base64
      faraday-net_http (>= 2.0, < 3.1)
      ruby2_keywords (>= 0.0.4)
    faraday-net_http (3.0.2)
    fast_jsonapi (1.5)
      activesupport (>= 4.2)
    fcm (1.0.8)
      faraday (>= 1.0.0, < 3.0)
      googleauth (~> 1)
    ffi (1.16.3)
    font-awesome-sass (6.4.2)
      sassc (~> 2.0)
    formtastic (4.0.0)
      actionpack (>= 5.2.0)
    formtastic_i18n (0.7.0)
    fugit (1.10.1)
      et-orbi (~> 1, >= 1.2.7)
      raabro (~> 1.4)
    geocoder (1.8.2)
    globalid (1.1.0)
      activesupport (>= 5.0)
    globalize (5.3.1)
      activemodel (>= 4.2, < 6.1)
      activerecord (>= 4.2, < 6.1)
      request_store (~> 1.0)
    googleauth (1.8.1)
      faraday (>= 0.17.3, < 3.a)
      jwt (>= 1.4, < 3.0)
      multi_json (~> 1.11)
      os (>= 0.9, < 2.0)
      signet (>= 0.16, < 2.a)
    has_scope (0.8.2)
      actionpack (>= 5.2)
      activesupport (>= 5.2)
    hashie (5.0.0)
    htmlentities (4.3.4)
    httparty (0.21.0)
      mini_mime (>= 1.0.0)
      multi_xml (>= 0.5.2)
    i18n (1.14.1)
      concurrent-ruby (~> 1.0)
    i18n_data (0.10.0)
    image_processing (1.12.2)
      mini_magick (>= 4.9.5, < 5)
      ruby-vips (>= 2.0.17, < 3)
    inherited_resources (1.13.1)
      actionpack (>= 5.2, < 7.1)
      has_scope (~> 0.6)
      railties (>= 5.2, < 7.1)
      responders (>= 2, < 4)
    jmespath (1.6.2)
    jquery-rails (4.6.0)
      rails-dom-testing (>= 1, < 3)
      railties (>= 4.2.0)
      thor (>= 0.14, < 2.0)
    json (2.6.3)
    json-schema (3.0.0)
      addressable (>= 2.8)
    jsonapi-serializer (2.2.0)
      activesupport (>= 4.2)
    jsonapi.rb (2.0.1)
      jsonapi-serializer
      rack
    jwt (2.7.1)
    kaminari (1.2.2)
      activesupport (>= 4.1.0)
      kaminari-actionview (= 1.2.2)
      kaminari-activerecord (= 1.2.2)
      kaminari-core (= 1.2.2)
    kaminari-actionview (1.2.2)
      actionview
      kaminari-core (= 1.2.2)
    kaminari-activerecord (1.2.2)
      activerecord
      kaminari-core (= 1.2.2)
    kaminari-core (1.2.2)
    launchy (2.5.2)
      addressable (~> 2.8)
    letter_opener (1.8.1)
      launchy (>= 2.2, < 3)
    loofah (2.21.4)
      crass (~> 1.0.2)
      nokogiri (>= 1.12.0)
    mail (2.8.1)
      mini_mime (>= 0.1.1)
      net-imap
      net-pop
      net-smtp
    marcel (1.0.2)
    matrix (0.4.2)
    method_source (1.0.0)
    mini_magick (4.12.0)
    mini_mime (1.1.5)
    minitest (5.20.0)
    mock_redis (0.34.0)
      ruby2_keywords
    multi_json (1.15.0)
    multi_xml (0.6.0)
    net-imap (0.3.7)
      date
      net-protocol
    net-pop (0.1.2)
      net-protocol
    net-protocol (0.2.1)
      timeout
    net-smtp (0.4.0)
      net-protocol
    nio4r (2.5.9)
    nokogiri (1.13.10-x86_64-linux)
      racc (~> 1.4)
    oauth2 (2.0.9)
      faraday (>= 0.17.3, < 3.0)
      jwt (>= 1.0, < 3.0)
      multi_xml (~> 0.5)
      rack (>= 1.2, < 4)
      snaky_hash (~> 2.0)
      version_gem (~> 1.1)
    orm_adapter (0.5.0)
    os (1.1.4)
    pg (1.5.4)
    phonelib (0.6.47)
    prometheus-client (4.2.1)
    public_activity (2.0.2)
      actionpack (>= 5.0.0)
      activerecord (>= 5.0)
      i18n (>= 0.5.0)
      railties (>= 5.0.0)
    public_suffix (5.0.3)
    puma (4.3.12)
      nio4r (~> 2.0)
    pundit (2.3.1)
      activesupport (>= 3.0.0)
    raabro (1.4.0)
    racc (1.7.1)
    rack (2.2.8)
    rack-cors (2.0.1)
      rack (>= 2.0.0)
    rack-test (2.1.0)
      rack (>= 1.3)
    rails (6.0.3.6)
      actioncable (= 6.0.3.6)
      actionmailbox (= 6.0.3.6)
      actionmailer (= 6.0.3.6)
      actionpack (= 6.0.3.6)
      actiontext (= 6.0.3.6)
      actionview (= 6.0.3.6)
      activejob (= 6.0.3.6)
      activemodel (= 6.0.3.6)
      activerecord (= 6.0.3.6)
      activestorage (= 6.0.3.6)
      activesupport (= 6.0.3.6)
      bundler (>= 1.3.0)
      railties (= 6.0.3.6)
      sprockets-rails (>= 2.0.0)
    rails-dom-testing (2.2.0)
      activesupport (>= 5.0.0)
      minitest
      nokogiri (>= 1.6)
    rails-html-sanitizer (1.5.0)
      loofah (~> 2.19, >= 2.19.1)
    railties (6.0.3.6)
      actionpack (= 6.0.3.6)
      activesupport (= 6.0.3.6)
      method_source
      rake (>= 0.8.7)
      thor (>= 0.20.3, < 2.0)
    rake (13.0.6)
    ransack (2.5.0)
      activerecord (>= 5.2.4)
      activesupport (>= 5.2.4)
      i18n
    redcarpet (3.6.0)
    redis (4.2.5)
    regexp_parser (2.8.2)
    request_store (1.5.1)
      rack (>= 1.4)
    require_all (3.0.0)
    responders (3.1.1)
      actionpack (>= 5.2)
      railties (>= 5.2)
    roo (2.8.3)
      nokogiri (~> 1)
      rubyzip (>= 1.3.0, < 3.0.0)
    rspec (3.12.0)
      rspec-core (~> 3.12.0)
      rspec-expectations (~> 3.12.0)
      rspec-mocks (~> 3.12.0)
    rspec-core (3.12.2)
      rspec-support (~> 3.12.0)
    rspec-expectations (3.12.3)
      diff-lcs (>= 1.2.0, < 2.0)
      rspec-support (~> 3.12.0)
    rspec-mocks (3.12.6)
      diff-lcs (>= 1.2.0, < 2.0)
      rspec-support (~> 3.12.0)
    rspec-rails (5.1.2)
      actionpack (>= 5.2)
      activesupport (>= 5.2)
      railties (>= 5.2)
      rspec-core (~> 3.10)
      rspec-expectations (~> 3.10)
      rspec-mocks (~> 3.10)
      rspec-support (~> 3.10)
    rspec-sidekiq (4.0.2)
      rspec-core (~> 3.0)
      rspec-expectations (~> 3.0)
      rspec-mocks (~> 3.0)
      sidekiq (>= 5, < 8)
    rspec-sonarqube-formatter (1.5.0)
      htmlentities (~> 4.3.3)
      rspec (~> 3.0)
    rspec-support (3.12.1)
    rswag (2.11.0)
      rswag-api (= 2.11.0)
      rswag-specs (= 2.11.0)
      rswag-ui (= 2.11.0)
    rswag-api (2.11.0)
      railties (>= 3.1, < 7.2)
    rswag-specs (2.11.0)
      activesupport (>= 3.1, < 7.2)
      json-schema (>= 2.2, < 4.0)
      railties (>= 3.1, < 7.2)
      rspec-core (>= 2.14)
    rswag-ui (2.11.0)
      actionpack (>= 3.1, < 7.2)
      railties (>= 3.1, < 7.2)
    ruby-next-core (0.15.3)
    ruby-vips (2.1.4)
      ffi (~> 1.12)
    ruby2_keywords (0.0.5)
    rubyXL (3.4.25)
      nokogiri (>= 1.10.8)
      rubyzip (>= 1.3.0)
    rubyzip (2.3.2)
    sassc (2.4.0)
      ffi (~> 1.9)
    sassc-rails (2.1.2)
      railties (>= 4.0.0)
      sassc (>= 2.0)
      sprockets (> 3.0)
      sprockets-rails
      tilt
    searchkick (5.2.4)
      activemodel (>= 5.2)
      hashie
    select2-rails (4.0.13)
    shoulda-callback-matchers (1.1.4)
      activesupport (>= 3)
    shoulda-matchers (5.3.0)
      activesupport (>= 5.2.0)
    sidekiq (6.1.3)
      connection_pool (>= 2.2.2)
      rack (~> 2.0)
      redis (>= 4.2.0)
    sidekiq-cron (1.9.1)
      fugit (~> 1.8)
      sidekiq (>= 4.2.1)
    sidekiq_alive (2.1.7)
      sidekiq
      webrick
    signet (0.18.0)
      addressable (~> 2.8)
      faraday (>= 0.17.5, < 3.a)
      jwt (>= 1.5, < 3.0)
      multi_json (~> 1.10)
    simplecov (0.17.0)
      docile (~> 1.1)
      json (>= 1.8, < 3)
      simplecov-html (~> 0.10.0)
    simplecov-html (0.10.2)
    sixarm_ruby_unaccent (1.2.2)
    snaky_hash (2.0.1)
      hashie
      version_gem (~> 1.1, >= 1.1.1)
    sniffer (0.5.0)
      anyway_config (>= 1.0)
      dry-initializer (~> 3)
    sort_alphabetical (1.1.0)
      unicode_utils (>= 1.2.2)
    sprockets (4.2.1)
      concurrent-ruby (~> 1.0)
      rack (>= 2.2.4, < 4)
    sprockets-rails (3.4.2)
      actionpack (>= 5.2)
      activesupport (>= 5.2)
      sprockets (>= 3.0.0)
    ssrf_filter (1.1.2)
    streamio-ffmpeg (3.0.2)
      multi_json (~> 1.8)
    stripe (10.1.0)
    thor (1.2.2)
    thread_safe (0.3.6)
    tilt (2.3.0)
    timeout (0.4.0)
    twilio-ruby (6.7.1)
      faraday (>= 0.9, < 3.0)
      jwt (>= 1.5, < 3.0)
      nokogiri (>= 1.6, < 2.0)
    tzinfo (1.2.11)
      thread_safe (~> 0.1)
    unicode_utils (1.4.0)
    version_gem (1.1.3)
    warden (1.2.9)
      rack (>= 2.0.9)
    webrick (1.8.1)
    websocket-driver (0.7.6)
      websocket-extensions (>= 0.1.0)
    websocket-extensions (0.1.5)
    wisper (2.0.1)
    xdan-datetimepicker-rails (2.5.4)
      jquery-rails
      rails (>= 3.2.16)
    xpath (3.2.0)
      nokogiri (~> 1.8)
    yabeda (0.12.0)
      anyway_config (>= 1.0, < 3)
      concurrent-ruby
      dry-initializer
    yabeda-http_requests (0.2.0)
      sniffer
      yabeda
    yabeda-prometheus (0.9.0)
      prometheus-client (>= 3.0, < 5.0)
      rack
      yabeda (~> 0.10)
    yabeda-puma-plugin (0.7.1)
      json
      puma
      yabeda (~> 0.5)
    yabeda-rails (0.9.0)
      activesupport
      anyway_config (>= 1.3, < 3)
      railties
      yabeda (~> 0.8)
    yabeda-sidekiq (0.10.0)
      anyway_config (>= 1.3, < 3)
      sidekiq
      yabeda (~> 0.6)
    yaml_db (0.7.0)
      rails (>= 3.0)
      rake (>= 0.8.7)
    zeitwerk (2.6.12)

PLATFORMS
  x86_64-linux

DEPENDENCIES
  account_block (= 0.0.34)
  active_admin_datetimepicker
  active_admin_role
  activeadmin
  activeadmin_addons
  activeadmin_froala_editor
  activeadmin_json_editor
  activeadmin_quill_editor
  activestorage-validator
  arctic_admin
  builder_base (= 0.0.55)
  bx_block_account_groups (= 0.0.5)
  bx_block_admin (= 0.0.15)
  bx_block_appointment_management-eb816fd3 (= 0.0.7)
  bx_block_calendar-4836ef12 (= 0.0.4)
  bx_block_catalogue-0e5da613 (= 0.0.15)
  bx_block_categories-acd0763f (= 0.0.16)
  bx_block_contact_us-6e0a750f (= 0.0.3)
  bx_block_content_management (= 0.0.3)
  bx_block_cors
  bx_block_custom_forms (= 0.1.2)
  bx_block_custom_user_subs (= 0.0.9)
  bx_block_dashboard-9a14cb77 (= 0.0.3)
  bx_block_dashboard_lite (= 0.1.0)
  bx_block_deeplinking (= 0.1.0)
  bx_block_downloadoptions (= 0.1.0)
  bx_block_email_notifications (= 0.0.3)
  bx_block_forgot_password-4de8968b (= 0.0.6)
  bx_block_help_centre (= 0.0.2)
  bx_block_login-3d0582b5 (= 0.0.10)
  bx_block_navmenu-1cdc25a4 (= 0.0.3)
  bx_block_order_reservations (= 0.1.2)
  bx_block_privacy_setting (= 0.1.0)
  bx_block_profile (= 0.0.17)
  bx_block_profile_bio (= 0.1.21)
  bx_block_profile_lite (= 0.1.1)
  bx_block_request_management (= 0.0.15)
  bx_block_roles_permissions-c50949d0 (= 0.0.10)
  bx_block_scheduling-d1f08754 (= 0.0.3)
  bx_block_settings-5412d427 (= 0.0.3)
  bx_block_sms (= 0.0.5)
  bx_block_stripe_integration (= 0.1.10)
  bx_block_teambuilder (= 0.1.1)
  bx_block_terms_and_conditions (= 0.1.11)
  byebug
  capybara
  country_select (~> 5.1)
  database_cleaner
  devise
  factory_bot_rails (= 6.2.0)
  faker
  httparty
  jquery-rails
  letter_opener
  mock_redis (= 0.34.0)
  pg (>= 0.18, < 2.0)
  puma (~> 4.1)
  rack-cors
  redis (~> 4.2.0)
  rspec-rails (= 5.1.2)
  rspec-sidekiq
  rspec-sonarqube-formatter (= 1.5.0)
  sassc-rails
  select2-rails
  shoulda-callback-matchers
  shoulda-matchers
  sidekiq (~> 6.1.0)
  sidekiq-cron
  sidekiq_alive
  simplecov (= 0.17.0)
  tzinfo-data
  yabeda-http_requests
  yabeda-prometheus
  yabeda-puma-plugin
  yabeda-rails
  yabeda-sidekiq

RUBY VERSION
   ruby 2.6.5p114

BUNDLED WITH
   2.4.21
